ObjectType = Image
NDims = 2
BinaryData = True
BinaryDataByteOrderMSB = False
CompressedData = False
TransformMatrix = 1 0 0 1
Offset = -175.60000600000001 -175
CenterOfRotation = 0 0
ElementSpacing = 0.68359400000000003 0.68359400000000003
DimSize = 512 512
AnatomicalOrientation = ??
ElementType = MET_UCHAR
ElementDataFile = MRIsegLabels.raw
